GEM
  remote: https://rubygems.org/
  specs:
    byebug (11.1.3)
    date (3.2.0)
    httparty (0.20.0)
      mime-types (~> 3.0)
      multi_xml (>= 0.5.2)
    json (2.6.0)
    mime-types (3.3.1)
      mime-types-data (~> 3.2015)
    mime-types-data (3.2021.0901)
    mini_portile2 (2.6.1)
    multi_xml (0.6.0)
    nokogiri (1.12.5)
      mini_portile2 (~> 2.6.1)
      racc (~> 1.4)
    open-uri (0.2.0)
      stringio
      time
      uri
    racc (1.6.0)
    stringio (3.0.0)
    time (0.2.0)
      date
    uri (0.10.1)

PLATFORMS
  ruby

DEPENDENCIES
  byebug
  httparty
  json
  nokogiri
  open-uri

BUNDLED WITH
   1.17.3
